{
	"TaskName": "cvep",
	"Manufacturer": "Brain Products",
	"PowerLineFrequency": 50.0,
	"SamplingFrequency": 500.0,
	"SoftwareFilters": "n/a",
	"RecordingDuration": 263.998,
	"RecordingType": "continuous",
	"EEGReference": "FCz",
	"EEGGround": "FPz",
	"EEGPlacementScheme": "10-20 system",
	"EEGChannelCount": 32,
	"EOGChannelCount": 0,
	"ECGChannelCount": 0,
	"EMGChannelCount": 0,
	"TriggerChannelCount": 0,
	"ManufacturersModelName": "BrainProducts LiveAmp 32",
	"CapManufacturer": "BrainProducts",
	"CapManufacturersModelName": "Acticap",
	"SoftwareVersions": "n/a",
	"HardwareFilters": {
		"notch": {
			"freq": 50.0,
			"bandwidth": 0.2,
			"order": 16,
			"type": "IIR cut-band"
		}
	},
	"TaskDescription": "[target selection] factorial within-subject Trial duration: 2.2s, cue: 0.5s.",
	"Instructions": "Focus on cued targets sequentially in random order",
	"InstitutionName": "Institut Sup\u00e9rieur de l'A\u00e9ronautique et de l'Espace (ISAE-SUPAERO)",
	"InstitutionAddress": "10 Av. Edouard Belin, Toulouse, 31400, France",
	"InstitutionalDepartmentName": "Human Factors and Neuroergonomics",
	"SubjectArtefactDescription": "Impedance kept below 25.0 kOhm",
	"DeviceSerialNumber": "n/a",
	"Description": "Burst c-VEP based BCI study comparing novel burst code sequences to traditional m-sequences at two amplitude depths (100% and 40%) to optimize classification performance, minimize calibration data, and improve user experience",
	"MISCChannelCount": 0
}